NUGET
  remote: https://www.nuget.org/api/v2
  specs:
    FParsec (1.0.2)
    FSharp.Compiler.Service (2.0.0.4)
    FsPickler (2.1)

GROUP Build
NUGET
  remote: https://www.nuget.org/api/v2
  specs:
    FAKE (4.16.1)
    FAKE.Lib (4.16.1)
    FAKE.Persimmon (1.0.2)
      FAKE.Lib (>= 4.1)
    FSharp.Compiler.Service (1.4.2.3)
    FSharp.Formatting (2.13.4)
      FSharp.Compiler.Service (>= 1.4.2 < 1.5)
      FSharpVSPowerTools.Core (>= 2.2 < 2.3)
    FSharpVSPowerTools.Core (2.2)
      FSharp.Compiler.Service (>= 1.4.2)
    Microsoft.Bcl (1.1.10)
      Microsoft.Bcl.Build (>= 1.0.14)
    Microsoft.Bcl.Build (1.0.21) - import_targets: false
    Microsoft.Net.Http (2.2.29)
      Microsoft.Bcl (>= 1.1.10)
      Microsoft.Bcl.Build (>= 1.0.14)
    Octokit (0.17)
      Microsoft.Net.Http
    SourceLink.Fake (1.1)
GITHUB
  remote: fsharp/FAKE
  specs:
    modules/Octokit/Octokit.fsx (a0bb8cbd62778a4447fde75b03f742d245f7d3d9)
      Octokit
GROUP Test
NUGET
  remote: https://www.nuget.org/api/v2
  specs:
    Persimmon (1.0.2)
    Persimmon.Console (1.0.2)
